PATH
  remote: .
  specs:
    powerschool (0.1)
      httparty
      multi_json

GEM
  remote: https://rubygems.org/
  specs:
    httparty (0.13.3)
      json (~> 1.8)
      multi_xml (>= 0.5.2)
    json (1.8.2)
    multi_json (1.11.0)
    multi_xml (0.5.5)

PLATFORMS
  ruby

DEPENDENCIES
  httparty
  multi_json
  powerschool!
